GIT
  remote: git://github.com/thoughtbot/pacecar.git
  revision: 2eb4fdbd380db7399a11a22b45dc4884e0f73708
  branch: rails2
  specs:
    pacecar (1.2.0)

GEM
  remote: http://rubygems.org/
  specs:
    actionmailer (2.3.11)
      actionpack (= 2.3.11)
    actionpack (2.3.11)
      activesupport (= 2.3.11)
      rack (~> 1.1.0)
    activerecord (2.3.11)
      activesupport (= 2.3.11)
    activeresource (2.3.11)
      activesupport (= 2.3.11)
    activesupport (2.3.11)
    archive-tar-minitar (0.5.2)
    capistrano (2.6.0)
      highline
      net-scp (>= 1.0.0)
      net-sftp (>= 2.0.0)
      net-ssh (>= 2.0.14)
      net-ssh-gateway (>= 1.1.0)
    chronic (0.3.0)
    columnize (0.3.2)
    ec2onrails (0.9.9.1)
      archive-tar-minitar (>= 0.5.2)
      capistrano (>= 2.5.3)
      optiflag (>= 0.6.5)
    flutie (1.1.8)
    haml (3.1.1)
    highline (1.6.1)
    hobo (1.0.3)
      hobofields (= 1.0.3)
      hobosupport (= 1.0.3)
      rails (>= 2.2.2, < 3.0.0)
      will_paginate (>= 2.3.11, ~> 2)
    hobofields (1.0.3)
      hobosupport (= 1.0.3)
      rails (>= 2.2.2, < 3.0.0)
    hobosupport (1.0.3)
    hpricot (0.8.4)
    linecache (0.43)
    net-scp (1.0.4)
      net-ssh (>= 1.99.1)
    net-sftp (2.0.5)
      net-ssh (>= 2.0.9)
    net-ssh (2.1.4)
    net-ssh-gateway (1.1.0)
      net-ssh (>= 1.99.1)
    optiflag (0.7)
    packet (0.1.15)
    rack (1.1.2)
    rails (2.3.11)
      actionmailer (= 2.3.11)
      actionpack (= 2.3.11)
      activerecord (= 2.3.11)
      activeresource (= 2.3.11)
      activesupport (= 2.3.11)
      rake (>= 0.8.3)
    rake (0.8.7)
    ruby-debug (0.10.4)
      columnize (>= 0.1)
      ruby-debug-base (~> 0.10.4.0)
    ruby-debug-base (0.10.4)
      linecache (>= 0.3)
    sqlite3 (1.3.3)
    will_paginate (2.3.15)
    xmpp4r (0.5)

PLATFORMS
  ruby

DEPENDENCIES
  chronic
  ec2onrails
  flutie
  haml
  hobo
  hpricot
  pacecar!
  packet
  rails
  ruby-debug
  sqlite3
  xmpp4r
