GIT
  remote: git://github.com/ghazel/pacecar.git
  revision: 0a5f201c4f7181c7a5d9d808cc6d827e9d2e5ab5
  branch: rails2
  specs:
    pacecar (1.2.0)

GIT
  remote: git://github.com/jnunemaker/mongomapper.git
  revision: 27322365c01a72174e8e74637796772c31489cd7
  branch: rails2
  specs:
    mongo_mapper (0.8.6)
      activesupport (>= 2.3.4)
      jnunemaker-validatable (~> 1.8.4)
      plucky (~> 0.3.6)

GEM
  remote: http://rubygems.org/
  specs:
    ParseTree (3.0.8)
      RubyInline (>= 3.7.0)
      sexp_processor (>= 3.0.0)
    Platform (0.4.0)
    RedCloth (4.2.8)
    RubyInline (3.11.0)
      ZenTest (~> 4.3)
    SystemTimer (1.2.3)
    WikiCreole (0.1.3)
    ZenTest (4.4.2)
    actionmailer (2.3.14)
      actionpack (= 2.3.14)
    actionpack (2.3.14)
      activesupport (= 2.3.14)
      rack (~> 1.1.0)
    activerecord (2.3.14)
      activesupport (= 2.3.14)
    activeresource (2.3.14)
      activesupport (= 2.3.14)
    activesupport (2.3.14)
    amazon-ec2 (0.9.17)
      xml-simple (>= 1.0.12)
    andand (1.3.1)
    aws-s3 (0.6.2)
      builder
      mime-types
      xml-simple
    backup (3.0.19)
      popen4 (~> 0.1.2)
      thor (~> 0.14.6)
    bson (1.3.1)
    bson_ext (1.3.1)
    builder (2.1.2)
    capistrano (2.7.0)
      highline
      net-scp (>= 1.0.0)
      net-sftp (>= 2.0.0)
      net-ssh (>= 2.0.14)
      net-ssh-gateway (>= 1.1.0)
    chronic (0.6.4)
    columnize (0.3.4)
    excon (0.7.6)
    flutie (1.3.3)
    fog (0.7.0)
      builder
      excon (>= 0.5.5)
      formatador (>= 0.1.1)
      json
      mime-types
      net-ssh (>= 2.0.23)
      nokogiri (>= 1.4.4)
      ruby-hmac
    formatador (0.2.1)
    haml (3.1.3)
    highline (1.6.2)
    hobo (1.0.3)
      hobofields (= 1.0.3)
      hobosupport (= 1.0.3)
      rails (>= 2.2.2, < 3.0.0)
      will_paginate (~> 2, >= 2.3.11)
    hobofields (1.0.3)
      hobosupport (= 1.0.3)
      rails (>= 2.2.2, < 3.0.0)
    hobosupport (1.0.3)
    hpricot (0.8.4)
    httpclient (2.2.2)
    i18n (0.6.0)
    jnunemaker-validatable (1.8.4)
      activesupport (>= 2.3.4)
    json (1.6.1)
    linecache (0.46)
      rbx-require-relative (> 0.0.4)
    mail (2.2.15)
      activesupport (>= 2.3.6)
      i18n (>= 0.4.0)
      mime-types (~> 1.16)
      treetop (~> 1.4.8)
    maruku (0.6.0)
      syntax (>= 1.0.0)
    mime-types (1.16)
    mongo (1.3.1)
      bson (>= 1.3.1)
    mongodb (0.0.13)
      mongo (~> 1.3)
    mumboe-soap4r (1.5.8.4)
      httpclient (>= 2.1.1)
    mysql (2.8.1)
    net-scp (1.0.4)
      net-ssh (>= 1.99.1)
    net-sftp (2.0.5)
      net-ssh (>= 2.0.9)
    net-ssh (2.2.1)
    net-ssh-gateway (1.1.0)
      net-ssh (>= 1.99.1)
    nettica (0.4.0)
      mumboe-soap4r
    nokogiri (1.5.0)
    open4 (1.2.0)
    packet (0.1.15)
    plucky (0.3.8)
      mongo (~> 1.3)
    polyglot (0.3.2)
    popen4 (0.1.2)
      Platform (>= 0.4.0)
      open4 (>= 0.4.0)
    rack (1.1.2)
    rails (2.3.14)
      actionmailer (= 2.3.14)
      actionpack (= 2.3.14)
      activerecord (= 2.3.14)
      activeresource (= 2.3.14)
      activesupport (= 2.3.14)
      rake (>= 0.8.3)
    rake (0.9.2)
    rbx-require-relative (0.0.5)
    rubber (1.13.0)
      amazon-ec2 (>= 0.9.17)
      aws-s3
      capistrano (>= 2.4.0)
      nettica
    ruby-debug (0.10.4)
      columnize (>= 0.1)
      ruby-debug-base (~> 0.10.4.0)
    ruby-debug-base (0.10.4)
      linecache (>= 0.3)
    ruby-hmac (0.4.0)
    ruby2ruby (1.3.1)
      ruby_parser (~> 2.0)
      sexp_processor (~> 3.0)
    ruby_parser (2.3.1)
      sexp_processor (~> 3.0)
    sexp_processor (3.0.7)
    sqlite3 (1.3.4)
    syntax (1.0.0)
    thor (0.14.6)
    treetop (1.4.10)
      polyglot
      polyglot (>= 0.3.1)
    whenever (0.7.0)
      activesupport (>= 2.3.4)
      chronic (~> 0.6.3)
    will_paginate (2.3.16)
    xml-simple (1.1.1)
    xmpp4r (0.5)

PLATFORMS
  ruby

DEPENDENCIES
  ParseTree
  RedCloth
  SystemTimer
  WikiCreole
  ZenTest (= 4.4.2)
  andand
  backup
  bson_ext
  builder (< 3.0.0)
  capistrano (< 2.8.0)
  chronic
  flutie
  fog (= 0.7.0)
  haml
  hobo
  hpricot
  json
  mail (= 2.2.15)
  maruku
  mongo_mapper!
  mongodb
  mysql
  pacecar!
  packet
  rails (= 2.3.14)
  rubber (= 1.13.0)
  ruby-debug
  ruby2ruby
  sqlite3
  whenever
  xml-simple
  xmpp4r
