GIT
  remote: git://github.com/thoughtbot/pacecar.git
  revision: 2eb4fdbd380db7399a11a22b45dc4884e0f73708
  branch: rails2
  specs:
    pacecar (1.2.0)

GEM
  remote: http://rubygems.org/
  specs:
    actionmailer (2.3.11)
      actionpack (= 2.3.11)
    actionpack (2.3.11)
      activesupport (= 2.3.11)
      rack (~> 1.1.0)
    activerecord (2.3.11)
      activesupport (= 2.3.11)
    activeresource (2.3.11)
      activesupport (= 2.3.11)
    activesupport (2.3.11)
    amazon-ec2 (0.9.17)
      xml-simple (>= 1.0.12)
    aws-s3 (0.6.2)
      builder
      mime-types
      xml-simple
    builder (2.1.2)
    capistrano (2.6.0)
      highline
      net-scp (>= 1.0.0)
      net-sftp (>= 2.0.0)
      net-ssh (>= 2.0.14)
      net-ssh-gateway (>= 1.1.0)
    chronic (0.3.0)
    columnize (0.3.2)
    flutie (1.1.8)
    haml (3.1.1)
    highline (1.6.1)
    hobo (1.0.3)
      hobofields (= 1.0.3)
      hobosupport (= 1.0.3)
      rails (>= 2.2.2, < 3.0.0)
      will_paginate (>= 2.3.11, ~> 2)
    hobofields (1.0.3)
      hobosupport (= 1.0.3)
      rails (>= 2.2.2, < 3.0.0)
    hobosupport (1.0.3)
    hpricot (0.8.4)
    httpclient (2.2.0.2)
    linecache (0.43)
    mime-types (1.16)
    mumboe-soap4r (1.5.8.3)
      httpclient (>= 2.1.1)
    net-scp (1.0.4)
      net-ssh (>= 1.99.1)
    net-sftp (2.0.5)
      net-ssh (>= 2.0.9)
    net-ssh (2.1.4)
    net-ssh-gateway (1.1.0)
      net-ssh (>= 1.99.1)
    nettica (0.4.0)
      mumboe-soap4r
    packet (0.1.15)
    rack (1.1.2)
    rails (2.3.11)
      actionmailer (= 2.3.11)
      actionpack (= 2.3.11)
      activerecord (= 2.3.11)
      activeresource (= 2.3.11)
      activesupport (= 2.3.11)
      rake (>= 0.8.3)
    rake (0.8.7)
    rubber (1.13.0)
      amazon-ec2 (>= 0.9.17)
      aws-s3
      capistrano (>= 2.4.0)
      nettica
    ruby-debug (0.10.4)
      columnize (>= 0.1)
      ruby-debug-base (~> 0.10.4.0)
    ruby-debug-base (0.10.4)
      linecache (>= 0.3)
    sqlite3 (1.3.3)
    will_paginate (2.3.15)
    xml-simple (1.0.15)
    xmpp4r (0.5)

PLATFORMS
  ruby

DEPENDENCIES
  chronic
  flutie
  haml
  hobo
  hpricot
  pacecar!
  packet
  rails (= 2.3.11)
  rubber
  ruby-debug
  sqlite3
  xmpp4r
