GIT
  remote: git://github.com/thoughtbot/pacecar.git
  revision: 2eb4fdbd380db7399a11a22b45dc4884e0f73708
  branch: rails2
  specs:
    pacecar (1.2.0)

GEM
  remote: http://rubygems.org/
  specs:
    ParseTree (3.0.7)
      RubyInline (>= 3.7.0)
      sexp_processor (>= 3.0.0)
    RedCloth (4.2.7)
    RubyInline (3.9.0)
      ZenTest (~> 4.3)
    WikiCreole (0.1.3)
    ZenTest (4.5.0)
    aaronh-chronic (0.3.9)
    actionmailer (2.3.11)
      actionpack (= 2.3.11)
    actionpack (2.3.11)
      activesupport (= 2.3.11)
      rack (~> 1.1.0)
    activerecord (2.3.11)
      activesupport (= 2.3.11)
    activeresource (2.3.11)
      activesupport (= 2.3.11)
    activesupport (2.3.11)
    amazon-ec2 (0.9.17)
      xml-simple (>= 1.0.12)
    andand (1.3.1)
    aws-s3 (0.6.2)
      builder
      mime-types
      xml-simple
    backup (3.0.15)
      thor (~> 0.14.6)
    builder (2.1.2)
    capistrano (2.6.0)
      highline
      net-scp (>= 1.0.0)
      net-sftp (>= 2.0.0)
      net-ssh (>= 2.0.14)
      net-ssh-gateway (>= 1.1.0)
    chronic (0.3.0)
    cobravsmongoose (0.0.2)
    columnize (0.3.2)
    excon (0.6.3)
    flutie (1.1.8)
    fog (0.7.0)
      builder
      excon (>= 0.5.5)
      formatador (>= 0.1.1)
      json
      mime-types
      net-ssh (>= 2.0.23)
      nokogiri (>= 1.4.4)
      ruby-hmac
    formatador (0.1.4)
    haml (3.1.1)
    highline (1.6.1)
    hobo (1.0.3)
      hobofields (= 1.0.3)
      hobosupport (= 1.0.3)
      rails (>= 2.2.2, < 3.0.0)
      will_paginate (>= 2.3.11, ~> 2)
    hobofields (1.0.3)
      hobosupport (= 1.0.3)
      rails (>= 2.2.2, < 3.0.0)
    hobosupport (1.0.3)
    hpricot (0.8.4)
    httpclient (2.2.0.2)
    i18n (0.6.0)
    json (1.5.1)
    linecache (0.43)
    mail (2.2.15)
      activesupport (>= 2.3.6)
      i18n (>= 0.4.0)
      mime-types (~> 1.16)
      treetop (~> 1.4.8)
    maruku (0.6.0)
      syntax (>= 1.0.0)
    mime-types (1.16)
    mumboe-soap4r (1.5.8.3)
      httpclient (>= 2.1.1)
    mysql (2.8.1)
    net-scp (1.0.4)
      net-ssh (>= 1.99.1)
    net-sftp (2.0.5)
      net-ssh (>= 2.0.9)
    net-ssh (2.1.4)
    net-ssh-gateway (1.1.0)
      net-ssh (>= 1.99.1)
    nettica (0.4.0)
      mumboe-soap4r
    nokogiri (1.4.4)
    packet (0.1.15)
    polyglot (0.3.1)
    rack (1.1.2)
    rails (2.3.11)
      actionmailer (= 2.3.11)
      actionpack (= 2.3.11)
      activerecord (= 2.3.11)
      activeresource (= 2.3.11)
      activesupport (= 2.3.11)
      rake (>= 0.8.3)
    rake (0.8.7)
    rubber (1.13.2)
      amazon-ec2 (>= 0.9.17)
      aws-s3
      capistrano (>= 2.4.0)
      nettica
    ruby-debug (0.10.4)
      columnize (>= 0.1)
      ruby-debug-base (~> 0.10.4.0)
    ruby-debug-base (0.10.4)
      linecache (>= 0.3)
    ruby-hmac (0.4.0)
    ruby2ruby (1.2.5)
      ruby_parser (~> 2.0)
      sexp_processor (~> 3.0)
    ruby_parser (2.0.6)
      sexp_processor (~> 3.0)
    sexp_processor (3.0.5)
    sqlite3 (1.3.3)
    syntax (1.0.0)
    thor (0.14.6)
    treetop (1.4.9)
      polyglot (>= 0.3.1)
    whenever (0.6.8)
      aaronh-chronic (>= 0.3.9)
      activesupport (>= 2.3.4)
    will_paginate (2.3.15)
    xml-simple (1.0.15)
    xmpp4r (0.5)

PLATFORMS
  ruby

DEPENDENCIES
  ParseTree
  RedCloth
  WikiCreole
  andand
  backup
  chronic
  cobravsmongoose
  flutie
  fog (= 0.7.0)
  haml
  hobo
  hpricot
  json
  mail (= 2.2.15)
  maruku
  mysql
  pacecar!
  packet
  rails (= 2.3.11)
  rubber (> 1.13.0)
  ruby-debug
  ruby2ruby
  sqlite3
  whenever
  xmpp4r
